GEM
  remote: https://rubygems.org/
  specs:
    mini_portile2 (2.4.0)
    nokogiri (1.10.10)
      mini_portile2 (~> 2.4.0)
    openssl (2.2.0)
    uri (0.10.0)

PLATFORMS
  ruby

DEPENDENCIES
  nokogiri
  openssl
  uri

BUNDLED WITH
   1.17.3
